GEM
  remote: https://rubygems.org/
  specs:
    rugged (0.24.0)

PLATFORMS
  ruby

DEPENDENCIES
  rugged

BUNDLED WITH
   1.12.5
